GEM
  remote: http://rubygems.org/
  specs:
    adsf (1.1.1)
      rack (>= 1.0.0)
    builder (3.0.0)
    chunky_png (1.2.5)
    coderay (1.0.6)
    compass (0.12.1)
      chunky_png (~> 1.2)
      fssm (>= 0.2.7)
      sass (~> 3.1)
    cri (2.2.1)
    fast-aleck (0.1)
      ffi (~> 1.0)
    ffi (1.0.11)
    fssm (0.2.9)
    haml (3.1.6)
    kramdown (0.13.6)
    nanoc (3.3.7)
      cri (~> 2.2)
    nokogiri (1.5.2)
    rack (1.4.1)
    rainpress (1.0)
    rdiscount (1.6.8)
    rubypants (0.2.0)
    sass (3.2.12)
    systemu (2.5.0)

PLATFORMS
  ruby

DEPENDENCIES
  adsf
  builder
  coderay
  compass
  fast-aleck
  haml
  kramdown
  nanoc
  nokogiri
  rainpress
  rdiscount
  rubypants
  sass (~> 3.2.7)
  systemu
